GIT
  remote: git://github.com/chef/omnibus-ctl.git
  revision: e160156deaa0afc037748b10d1c9ef0a5be97dc1
  specs:
    omnibus-ctl (0.6.0)

GIT
  remote: git://github.com/opscode/omnibus-software.git
  revision: 836bd650d49e6350dfa40b43a1398c5847a6fd42
  specs:
    omnibus-software (4.0.0)
      chef-sugar (>= 3.4.0)
      omnibus (>= 5.6.1)

GIT
  remote: git://github.com/opscode/omnibus.git
  revision: 7e9c9a6a71c1ada2d7f42484f13074e1ec6b7cd3
  specs:
    omnibus (5.6.12)
      aws-sdk (~> 2)
      chef-sugar (~> 3.3)
      cleanroom (~> 1.0)
      ffi-yajl (~> 2.2)
      license_scout (~> 1.0)
      mixlib-shellout (~> 2.0)
      mixlib-versioning
      ohai (>= 8.6.0.alpha.1, < 15)
      pedump
      ruby-progressbar (~> 1.7)
      thor (~> 0.18)

GEM
  remote: https://rubygems.org/
  specs:
    addressable (2.5.2)
      public_suffix (>= 2.0.2, < 4.0)
    ast (2.4.0)
    awesome_print (1.8.0)
    aws-sdk (2.11.85)
      aws-sdk-resources (= 2.11.85)
    aws-sdk-core (2.11.85)
      aws-sigv4 (~> 1.0)
      jmespath (~> 1.0)
    aws-sdk-resources (2.11.85)
      aws-sdk-core (= 2.11.85)
    aws-sigv4 (1.0.3)
    berkshelf (7.0.4)
      chef (>= 13.6.52)
      chef-config
      cleanroom (~> 1.0)
      concurrent-ruby (~> 1.0)
      minitar (>= 0.6)
      mixlib-archive (~> 0.4)
      mixlib-config (>= 2.2.5)
      mixlib-shellout (~> 2.0)
      octokit (~> 4.0)
      retryable (~> 2.0)
      solve (~> 4.0)
      thor (>= 0.20)
    builder (3.2.3)
    byebug (10.0.2)
    chef (14.2.0)
      addressable
      bundler (>= 1.10)
      chef-config (= 14.2.0)
      chef-zero (>= 13.0)
      diff-lcs (~> 1.2, >= 1.2.4)
      erubis (~> 2.7)
      ffi (~> 1.9, >= 1.9.25)
      ffi-yajl (~> 2.2)
      highline (~> 1.6, >= 1.6.9)
      iniparse (~> 1.4)
      iso8601 (~> 0.9.1)
      mixlib-archive (~> 0.4)
      mixlib-authentication (~> 2.1)
      mixlib-cli (~> 1.7)
      mixlib-log (~> 2.0, >= 2.0.3)
      mixlib-shellout (~> 2.0)
      net-sftp (~> 2.1, >= 2.1.2)
      net-ssh (~> 4.2)
      net-ssh-multi (~> 1.2, >= 1.2.1)
      ohai (~> 14.0)
      plist (~> 3.2)
      proxifier (~> 1.0)
      rspec-core (~> 3.5)
      rspec-expectations (~> 3.5)
      rspec-mocks (~> 3.5)
      rspec_junit_formatter (~> 0.2.0)
      serverspec (~> 2.7)
      specinfra (~> 2.10)
      syslog-logger (~> 1.6)
      uuidtools (~> 2.1.5)
    chef-config (14.2.0)
      addressable
      fuzzyurl
      mixlib-config (~> 2.0)
      mixlib-shellout (~> 2.0)
      tomlrb (~> 1.2)
    chef-sugar (3.6.0)
    chef-zero (14.0.6)
      ffi-yajl (~> 2.2)
      hashie (>= 2.0, < 4.0)
      mixlib-log (~> 2.0)
      rack (~> 2.0)
      uuidtools (~> 2.1)
    chefstyle (0.10.0)
      rubocop (= 0.55.0)
    citrus (3.0.2)
    cleanroom (1.0.0)
    coderay (1.1.2)
    concurrent-ruby (1.0.5)
    concurrent-ruby (1.0.5-java)
    diff-lcs (1.3)
    erubis (2.7.0)
    excon (0.62.0)
    faraday (0.15.2)
      multipart-post (>= 1.2, < 3)
    ffi (1.9.25)
    ffi (1.9.25-java)
    ffi-yajl (2.3.1)
      libyajl2 (~> 1.2)
    ffi-yajl (2.3.1-universal-java)
      ffi (~> 1.5)
      libyajl2 (~> 1.2)
    fuzzyurl (0.9.0)
    gssapi (1.2.0)
      ffi (>= 1.0.1)
    gyoku (1.3.1)
      builder (>= 2.1.2)
    hashie (3.5.7)
    highline (1.7.10)
    httpclient (2.8.3)
    iniparse (1.4.4)
    iostruct (0.0.4)
    ipaddress (0.8.3)
    iso8601 (0.9.1)
    jmespath (1.4.0)
    kitchen-ec2 (2.2.2)
      aws-sdk (~> 2)
      excon
      multi_json
      retryable (~> 2.0)
      test-kitchen (~> 1.4, >= 1.4.1)
    kitchen-vagrant (1.3.2)
      test-kitchen (~> 1.4)
    libyajl2 (1.2.0)
    license_scout (1.0.10)
      ffi-yajl (~> 2.2)
      mixlib-shellout (~> 2.2)
      toml-rb (~> 1.0)
    little-plugger (1.1.4)
    logging (2.2.2)
      little-plugger (~> 1.1)
      multi_json (~> 1.10)
    method_source (0.9.0)
    minitar (0.6.1)
    mixlib-archive (0.4.8)
      mixlib-log
    mixlib-authentication (2.1.1)
    mixlib-cli (1.7.0)
    mixlib-config (2.2.12)
      tomlrb
    mixlib-install (3.11.2)
      mixlib-shellout
      mixlib-versioning
      thor
    mixlib-log (2.0.4)
    mixlib-shellout (2.3.2)
    mixlib-versioning (1.2.2)
    molinillo (0.6.5)
    multi_json (1.13.1)
    multipart-post (2.0.0)
    net-scp (1.2.1)
      net-ssh (>= 2.6.5)
    net-sftp (2.1.2)
      net-ssh (>= 2.6.5)
    net-ssh (4.2.0)
    net-ssh-gateway (1.3.0)
      net-ssh (>= 2.6.5)
    net-ssh-multi (1.2.1)
      net-ssh (>= 2.6.5)
      net-ssh-gateway (>= 1.2.0)
    net-telnet (0.1.1)
    nori (2.6.0)
    octokit (4.9.0)
      sawyer (~> 0.8.0, >= 0.5.3)
    ohai (14.3.0)
      chef-config (>= 12.8, < 15)
      ffi (~> 1.9)
      ffi-yajl (~> 2.2)
      ipaddress
      mixlib-cli
      mixlib-config (~> 2.0)
      mixlib-log (~> 2.0, >= 2.0.1)
      mixlib-shellout (~> 2.0)
      plist (~> 3.1)
      systemu (~> 2.6.4)
      wmi-lite (~> 1.0)
    parallel (1.12.1)
    parser (2.5.1.2)
      ast (~> 2.4.0)
    pedump (0.5.2)
      awesome_print
      iostruct (>= 0.0.4)
      multipart-post (~> 2.0.0)
      progressbar
      zhexdump (>= 0.0.2)
    plist (3.4.0)
    powerpack (0.1.2)
    progressbar (1.9.0)
    proxifier (1.0.3)
    pry (0.11.3)
      coderay (~> 1.1.0)
      method_source (~> 0.9.0)
    pry (0.11.3-java)
      coderay (~> 1.1.0)
      method_source (~> 0.9.0)
      spoon (~> 0.0)
    pry-byebug (3.6.0)
      byebug (~> 10.0)
      pry (~> 0.10)
    pry-remote (0.1.8)
      pry (~> 0.9)
      slop (~> 3.0)
    public_suffix (3.0.2)
    rack (2.0.5)
    rainbow (3.0.0)
    rake (12.3.1)
    retryable (2.0.4)
    rspec (3.7.0)
      rspec-core (~> 3.7.0)
      rspec-expectations (~> 3.7.0)
      rspec-mocks (~> 3.7.0)
    rspec-core (3.7.1)
      rspec-support (~> 3.7.0)
    rspec-expectations (3.7.0)
      diff-lcs (>= 1.2.0, < 2.0)
      rspec-support (~> 3.7.0)
    rspec-its (1.2.0)
      rspec-core (>= 3.0.0)
      rspec-expectations (>= 3.0.0)
    rspec-mocks (3.7.0)
      diff-lcs (>= 1.2.0, < 2.0)
      rspec-support (~> 3.7.0)
    rspec-support (3.7.1)
    rspec_junit_formatter (0.2.3)
      builder (< 4)
      rspec-core (>= 2, < 4, != 2.12.0)
    rubocop (0.55.0)
      parallel (~> 1.10)
      parser (>= 2.5)
      powerpack (~> 0.1)
      rainbow (>= 2.2.2, < 4.0)
      ruby-progressbar (~> 1.7)
      unicode-display_width (~> 1.0, >= 1.0.1)
    ruby-progressbar (1.9.0)
    rubyntlm (0.6.2)
    rubyzip (1.2.1)
    sawyer (0.8.1)
      addressable (>= 2.3.5, < 2.6)
      faraday (~> 0.8, < 1.0)
    semverse (2.0.0)
    sequel (5.10.0)
    serverspec (2.41.3)
      multi_json
      rspec (~> 3.0)
      rspec-its
      specinfra (~> 2.72)
    sfl (2.3)
    slop (3.6.0)
    solve (4.0.0)
      molinillo (~> 0.6)
      semverse (>= 1.1, < 3.0)
    specinfra (2.74.0)
      net-scp
      net-ssh (>= 2.7, < 5.0)
      net-telnet
      sfl
    spoon (0.0.6)
      ffi
    syslog-logger (1.6.8)
    systemu (2.6.5)
    test-kitchen (1.22.0)
      mixlib-install (~> 3.6)
      mixlib-shellout (>= 1.2, < 3.0)
      net-scp (~> 1.1)
      net-ssh (>= 2.9, < 5.0)
      net-ssh-gateway (~> 1.2)
      thor (~> 0.19)
      winrm (~> 2.0)
      winrm-elevated (~> 1.0)
      winrm-fs (~> 1.1)
    thor (0.20.0)
    toml-rb (1.1.1)
      citrus (~> 3.0, > 3.0)
    tomlrb (1.2.7)
    unicode-display_width (1.4.0)
    uuidtools (2.1.5)
    winrm (2.2.3)
      builder (>= 2.1.2)
      erubis (~> 2.7)
      gssapi (~> 1.2)
      gyoku (~> 1.0)
      httpclient (~> 2.2, >= 2.2.0.2)
      logging (>= 1.6.1, < 3.0)
      nori (~> 2.0)
      rubyntlm (~> 0.6.0, >= 0.6.1)
    winrm-elevated (1.1.0)
      winrm (~> 2.0)
      winrm-fs (~> 1.0)
    winrm-fs (1.2.0)
      erubis (~> 2.7)
      logging (>= 1.6.1, < 3.0)
      rubyzip (~> 1.1)
      winrm (~> 2.0)
    wmi-lite (1.0.0)
    zhexdump (0.0.2)

PLATFORMS
  java
  ruby

DEPENDENCIES
  aws-sdk (~> 2)
  berkshelf
  chef
  chefstyle
  kitchen-ec2
  kitchen-vagrant
  omnibus!
  omnibus-ctl!
  omnibus-software!
  pry
  pry-byebug
  pry-remote
  rake
  rspec
  rubocop
  sequel
  test-kitchen

BUNDLED WITH
   1.16.1
