GEM
  remote: https://rubygems.org/
  specs:
    deep_merge (1.1.1)
    mixlib-shellout (2.2.7)
    parallel (1.11.1)
    ruby-progressbar (1.8.1)
    rubyzip (1.3.0)

PLATFORMS
  ruby

DEPENDENCIES
  deep_merge
  mixlib-shellout
  parallel
  ruby-progressbar
  rubyzip

BUNDLED WITH
   1.14.6
